GEM
  specs:
    atk (2.0.0)
      glib2 (>= 2.0.0)
    cairo (1.12.6)
      pkg-config
    coderay (1.0.9)
    ffi (1.9.0)
    formatador (0.2.4)
    gdk_pixbuf2 (2.0.2)
      glib2 (= 2.0.2)
    glib2 (2.0.2)
      pkg-config
    gtk2 (2.0.0)
      atk (>= 2.0.0)
      gdk_pixbuf2 (>= 2.0.0)
      pango (>= 2.0.0)
    guard (1.8.2)
      formatador (>= 0.2.4)
      listen (>= 1.0.0)
      lumberjack (>= 1.0.2)
      pry (>= 0.9.10)
      thor (>= 0.14.6)
    guard-bundler (1.0.0)
      bundler (~> 1.0)
      guard (~> 1.1)
    guard-shell (0.5.1)
      guard (>= 1.1.0)
    libnotify (0.8.0)
      ffi (>= 1.0.11)
    listen (1.2.2)
      rb-fsevent (>= 0.9.3)
      rb-inotify (>= 0.9)
      rb-kqueue (>= 0.2)
    lumberjack (1.0.4)
    method_source (0.8.2)
    pango (2.0.0)
      cairo (>= 1.10.0)
      glib2 (>= 2.0.0)
    pkg-config (1.1.4)
    pry (0.9.12.2)
      coderay (~> 1.0.5)
      method_source (~> 0.8)
      slop (~> 3.4)
    rake (10.1.0)
    rake-compiler (0.8.3)
      rake
    rb-fsevent (0.9.3)
    rb-inotify (0.9.0)
      ffi (>= 0.5.0)
    rb-kqueue (0.2.0)
      ffi (>= 0.5.0)
    rubber-generate (0.0.21)
    slop (3.4.6)
    thor (0.18.1)

PLATFORMS
  ruby

DEPENDENCIES
  glib2
  gtk2
  guard
  guard-bundler
  guard-shell
  libnotify
  rake
  rake-compiler
  rubber-generate
